GEM
  remote: https://rubygems.org/
  specs:
    ansi (1.5.0)
    builder (3.2.4)
    coderay (1.1.3)
    diff-lcs (1.3)
    method_source (1.0.0)
    minitest (5.13.0)
    minitest-reporters (1.4.3)
      ansi
      builder
      minitest (>= 5.0)
      ruby-progressbar
    pry (0.13.1)
      coderay (~> 1.1)
      method_source (~> 1.0)
    rspec (3.7.0)
      rspec-core (~> 3.7.0)
      rspec-expectations (~> 3.7.0)
      rspec-mocks (~> 3.7.0)
    rspec-core (3.7.1)
      rspec-support (~> 3.7.0)
    rspec-expectations (3.7.0)
      diff-lcs (>= 1.2.0, < 2.0)
      rspec-support (~> 3.7.0)
    rspec-mocks (3.7.0)
      diff-lcs (>= 1.2.0, < 2.0)
      rspec-support (~> 3.7.0)
    rspec-support (3.7.1)
    ruby-progressbar (1.11.0)
    tadb (0.3.7)

PLATFORMS
  x64-mingw32

DEPENDENCIES
  minitest
  minitest-reporters
  pry (~> 0.13.1)
  rspec
  tadb

BUNDLED WITH
   1.16.1
